GEM
  remote: https://rubygems.org/
  specs:
    activemodel (3.2.22)
      activesupport (= 3.2.22)
      builder (~> 3.0.0)
    activerecord (3.2.22)
      activemodel (= 3.2.22)
      activesupport (= 3.2.22)
      arel (~> 3.0.2)
      tzinfo (~> 0.3.29)
    activesupport (3.2.22)
      i18n (~> 0.6, >= 0.6.4)
      multi_json (~> 1.0)
    addressable (2.3.6)
    arel (3.0.3)
    backports (3.6.4)
    bcrypt (3.1.10)
    builder (3.0.4)
    celluloid (0.16.0)
      timers (~> 4.0.0)
    daemons (1.2.3)
    em-websocket (0.3.8)
      addressable (>= 2.1.1)
      eventmachine (>= 0.12.9)
    eventmachine (1.0.7)
    faraday (0.9.1)
      multipart-post (>= 1.2, < 3)
    ffi (1.9.6)
    haml (4.0.6)
      tilt
    hike (1.2.3)
    hitimes (1.2.2)
    i18n (0.7.0)
    json (1.8.2)
    listen (2.8.5)
      celluloid (>= 0.15.2)
      rb-fsevent (>= 0.9.3)
      rb-inotify (>= 0.9)
    mail (2.6.3)
      mime-types (>= 1.16, < 3)
    mime-types (2.6.1)
    multi_json (1.11.2)
    multipart-post (2.0.0)
    pdf-core (0.6.0)
    prawn (2.0.2)
      pdf-core (~> 0.6.0)
      ttfunk (~> 1.4.0)
    rack (1.6.0)
    rack-protection (1.5.3)
      rack
    rack-test (0.6.3)
      rack (>= 1.0)
    rb-fsevent (0.9.4)
    rb-inotify (0.9.5)
      ffi (>= 0.5.0)
    rerun (0.10.0)
      listen (~> 2.7, >= 2.7.3)
    sass (3.4.9)
    sinatra (1.4.5)
      rack (~> 1.4)
      rack-protection (~> 1.4)
      tilt (~> 1.3, >= 1.3.4)
    sinatra-contrib (1.4.2)
      backports (>= 2.0)
      multi_json
      rack-protection
      rack-test
      sinatra (~> 1.4.0)
      tilt (~> 1.3)
    sinatra-flash (0.3.0)
      sinatra (>= 1.0.0)
    sinatra-websocket (0.3.1)
      em-websocket (~> 0.3.6)
      eventmachine
      thin (>= 1.3.1, < 2.0.0)
    sprockets (2.12.3)
      hike (~> 1.2)
      multi_json (~> 1.0)
      rack (~> 1.0)
      tilt (~> 1.1, != 1.3.0)
    thin (1.6.3)
      daemons (~> 1.0, >= 1.0.9)
      eventmachine (~> 1.0)
      rack (~> 1.0)
    tilt (1.4.1)
    timers (4.0.1)
      hitimes
    ttfunk (1.4.0)
    tzinfo (0.3.44)

PLATFORMS
  ruby

DEPENDENCIES
  activerecord (~> 3.2.21)
  bcrypt (~> 3.1.10)
  faraday (~> 0.9.0.rc6)
  haml (~> 4.0.6)
  json (~> 1.8.2)
  mail
  prawn (~> 2.0.2)
  rerun (~> 0.10.0)
  sass (~> 3.4.9)
  sinatra (~> 1.4.5)
  sinatra-contrib (~> 1.4.2)
  sinatra-flash (~> 0.3.0)
  sinatra-websocket (~> 0.3.1)
  sprockets (~> 2.12.3)

BUNDLED WITH
   1.10.6
